GEM
  remote: https://rubygems.org/
  specs:
    concurrent-ruby (1.1.5)
    crass (1.0.6)
    curb (0.8.8)
    daemon-kit (0.3.3)
      eventmachine (>= 0.12.10)
      thor
    daemons (1.3.1)
    diff-lcs (1.3)
    et-orbi (1.2.2)
      tzinfo
    eventmachine (1.2.7)
    feedjira (1.4.0)
      curb (~> 0.8)
      loofah (~> 2.0)
      sax-machine (~> 1.0)
    fileutils (1.4.1)
    fugit (1.3.3)
      et-orbi (~> 1.1, >= 1.1.8)
      raabro (~> 1.1)
    json (2.3.0)
    loofah (2.19.1)
      crass (~> 1.0.2)
      nokogiri (>= 1.5.9)
    mail (2.7.1)
      mini_mime (>= 0.1.1)
    mini_mime (1.0.2)
    mini_portile2 (2.8.5)
    nokogiri (1.16.2)
      mini_portile2 (~> 2.8.2)
      racc (~> 1.4)
    raabro (1.1.6)
    racc (1.7.3)
    rake (13.0.1)
    rspec (3.9.0)
      rspec-core (~> 3.9.0)
      rspec-expectations (~> 3.9.0)
      rspec-mocks (~> 3.9.0)
    rspec-core (3.9.0)
      rspec-support (~> 3.9.0)
    rspec-expectations (3.9.0)
      diff-lcs (>= 1.2.0, < 2.0)
      rspec-support (~> 3.9.0)
    rspec-mocks (3.9.0)
      diff-lcs (>= 1.2.0, < 2.0)
      rspec-support (~> 3.9.0)
    rspec-support (3.9.0)
    rufus-scheduler (3.6.0)
      fugit (~> 1.1, >= 1.1.6)
    safely (0.3.2)
    sax-machine (1.3.2)
    thor (0.20.3)
    tzinfo (2.0.0)
      concurrent-ruby (~> 1.0)

PLATFORMS
  ruby

DEPENDENCIES
  curb (~> 0.8.6)
  daemon-kit
  daemons
  feedjira (~> 1.4.0)
  fileutils (~> 1.4.1)
  json
  mail
  nokogiri (~> 1.16.2)
  rake
  rspec
  rufus-scheduler
  safely

BUNDLED WITH
   2.0.2
