GEM
  remote: https://rubygems.org/
  specs:
    curb (0.8.6)
    daemon-kit (0.3.1)
      eventmachine (>= 0.12.10)
      thor
    daemons (1.1.9)
    diff-lcs (1.2.5)
    eventmachine (1.0.3)
    feedjira (1.4.0)
      curb (~> 0.8)
      loofah (~> 2.0)
      sax-machine (~> 1.0)
    fileutils (0.7)
      rmagick (>= 2.13.1)
    json (1.8.1)
    loofah (2.0.1)
      nokogiri (>= 1.5.9)
    mail (2.6.1)
      mime-types (>= 1.16, < 3)
    mime-types (2.3)
    mini_portile (0.6.0)
    nokogiri (1.6.3.1)
      mini_portile (= 0.6.0)
    rake (10.3.2)
    rmagick (2.13.3)
    rspec (3.1.0)
      rspec-core (~> 3.1.0)
      rspec-expectations (~> 3.1.0)
      rspec-mocks (~> 3.1.0)
    rspec-core (3.1.4)
      rspec-support (~> 3.1.0)
    rspec-expectations (3.1.2)
      diff-lcs (>= 1.2.0, < 2.0)
      rspec-support (~> 3.1.0)
    rspec-mocks (3.1.2)
      rspec-support (~> 3.1.0)
    rspec-support (3.1.1)
    rufus-scheduler (3.0.9)
      tzinfo
    safely (0.3.2)
    sax-machine (1.0.2)
    thor (0.19.1)
    thread_safe (0.3.4)
    tzinfo (1.2.2)
      thread_safe (~> 0.1)

PLATFORMS
  ruby

DEPENDENCIES
  curb (~> 0.8.6)
  daemon-kit
  daemons
  feedjira (~> 1.4.0)
  fileutils
  json
  mail
  nokogiri (~> 1.6.3.1)
  rake
  rspec
  rufus-scheduler
  safely
