GEM
  remote: https://rubygems.org/
  specs:
    daemons (1.1.9)
    json (1.8.1)
    rufus-scheduler (3.0.9)
      tzinfo
    thread_safe (0.3.4)
    tzinfo (1.2.2)
      thread_safe (~> 0.1)

PLATFORMS
  ruby

DEPENDENCIES
  daemons
  json
  rufus-scheduler
